GEM
  remote: https://rubygems.org/
  specs:
    dotenv (2.8.1)
    httparty (0.21.0)
      mini_mime (>= 1.0.0)
      multi_xml (>= 0.5.2)
    mini_mime (1.1.2)
    minitest (5.18.0)
    multi_xml (0.6.0)
    ruby-openai (3.5.0)
      httparty (>= 0.18.1)
    vcr (6.1.0)

PLATFORMS
  arm64-darwin-21
  x86_64-darwin-21

DEPENDENCIES
  dotenv
  minitest
  ruby-openai
  vcr

BUNDLED WITH
   2.3.26
