GEM
  remote: https://rubygems.org/
  specs:
    addressable (2.8.2)
      public_suffix (>= 2.0.2, < 6.0)
    crack (0.4.5)
      rexml
    dotenv (2.8.1)
    hashdiff (1.0.1)
    httparty (0.21.0)
      mini_mime (>= 1.0.0)
      multi_xml (>= 0.5.2)
    mini_mime (1.1.2)
    minitest (5.18.0)
    multi_xml (0.6.0)
    public_suffix (5.0.1)
    rexml (3.2.5)
    ruby-openai (3.5.0)
      httparty (>= 0.18.1)
    vcr (6.1.0)
    webmock (3.18.1)
      addressable (>= 2.8.0)
      crack (>= 0.3.2)
      hashdiff (>= 0.4.0, < 2.0.0)

PLATFORMS
  arm64-darwin-21
  x86_64-darwin-21
  x86_64-linux

DEPENDENCIES
  dotenv
  minitest
  ruby-openai
  vcr
  webmock

BUNDLED WITH
   2.3.26
